PATH
  remote: .
  specs:
    maxitest (2.9.0)
      minitest (>= 5.0.0, < 5.12.0)

GEM
  remote: https://rubygems.org/
  specs:
    bump (0.5.0)
    byebug (3.5.1)
      columnize (~> 0.8)
      debugger-linecache (~> 1.2)
      slop (~> 3.6)
    columnize (0.9.0)
    debugger-linecache (1.2.0)
    diff-lcs (1.2.5)
    minitest (5.11.3)
    rake (10.3.2)
    rspec (3.1.0)
      rspec-core (~> 3.1.0)
      rspec-expectations (~> 3.1.0)
      rspec-mocks (~> 3.1.0)
    rspec-core (3.1.4)
      rspec-support (~> 3.1.0)
    rspec-expectations (3.1.1)
      diff-lcs (>= 1.2.0, < 2.0)
      rspec-support (~> 3.1.0)
    rspec-mocks (3.1.1)
      rspec-support (~> 3.1.0)
    rspec-support (3.1.0)
    slop (3.6.0)
    wwtd (0.5.5)

PLATFORMS
  ruby

DEPENDENCIES
  bump
  byebug
  maxitest!
  rake
  rspec
  wwtd

BUNDLED WITH
   1.16.1
